GEM
  remote: https://rubygems.org/
  specs:
    bootstrap-sass (3.2.0.0)
      sass (~> 3.2)
    byebug (9.0.5)
    coderay (1.1.1)
    haml (4.0.7)
      tilt
    method_source (0.8.2)
    pry (0.10.3)
      coderay (~> 1.1.0)
      method_source (~> 0.8.1)
      slop (~> 3.4)
    pry-byebug (3.4.0)
      byebug (~> 9.0)
      pry (~> 0.10)
    puma (3.4.0)
    rack (1.6.4)
    rack-protection (1.5.3)
      rack
    sass (3.4.22)
    sequel (4.35.0)
    sinatra (1.4.7)
      rack (~> 1.5)
      rack-protection (~> 1.4)
      tilt (>= 1.3, < 3)
    slop (3.6.0)
    sqlite3 (1.3.11)
    tilt (2.0.5)

PLATFORMS
  ruby

DEPENDENCIES
  bootstrap-sass (= 3.2.0.0)
  haml (= 4.0.7)
  pry-byebug
  puma
  sass
  sequel
  sinatra
  sqlite3

BUNDLED WITH
   1.10.6
